GEM
  remote: https://rubygems.org/
  specs:
    em-zeromq (0.4.1)
      eventmachine (>= 1.0.0)
      ffi (>= 1.0.0)
      ffi-rzmq (= 0.9.7)
    eventmachine (1.0.0)
    ffi (1.3.1)
    ffi-rzmq (0.9.7)
      ffi
    rainbow (1.1.4)
    rexec (1.5.1)
      rainbow
    rubydns (0.5.3)
      eventmachine (~> 1.0.0)
      rexec (~> 1.5.1)
    thor (0.16.0)

PLATFORMS
  ruby

DEPENDENCIES
  em-zeromq
  rubydns
  thor
