PATH
  remote: .
  specs:
    vagrant-dns-server (0.1)
      em-zeromq
      moneta
      net-ping
      rubydns
      rubydns
      thor
      vagrant (~> 1.0.3)
      zmq

GEM
  remote: https://rubygems.org/
  specs:
    archive-tar-minitar (0.5.2)
    childprocess (0.3.6)
      ffi (~> 1.0, >= 1.0.6)
    em-zeromq (0.4.1)
      eventmachine (>= 1.0.0)
      ffi (>= 1.0.0)
      ffi-rzmq (= 0.9.7)
    erubis (2.7.0)
    eventmachine (1.0.0)
    ffi (1.3.1)
    ffi-rzmq (0.9.7)
      ffi
    i18n (0.6.1)
    json (1.5.4)
    log4r (1.1.10)
    metaclass (0.0.1)
    minitest (4.4.0)
    mocha (0.12.8)
      metaclass (~> 0.0.1)
    moneta (0.7.5)
    net-ldap (0.2.2)
    net-ping (1.5.3)
      ffi (>= 1.0.0)
      net-ldap (~> 0.2.2)
    net-scp (1.0.4)
      net-ssh (>= 1.99.1)
    net-ssh (2.2.2)
    rainbow (1.1.4)
    rake (10.0.3)
    rexec (1.5.1)
      rainbow
    rubydns (0.5.3)
      eventmachine (~> 1.0.0)
      rexec (~> 1.5.1)
    thor (0.16.0)
    vagrant (1.0.5)
      archive-tar-minitar (= 0.5.2)
      childprocess (~> 0.3.1)
      erubis (~> 2.7.0)
      i18n (~> 0.6.0)
      json (~> 1.5.1)
      log4r (~> 1.1.9)
      net-scp (~> 1.0.4)
      net-ssh (~> 2.2.2)
    zmq (2.1.4)

PLATFORMS
  ruby

DEPENDENCIES
  bundler
  minitest
  mocha (~> 0.12.3)
  rake
  vagrant-dns-server!
