GIT
  remote: git://github.com/mitchellh/vagrant.git
  revision: cc5793367594a0da3fe264bfe67a14208ab51c0f
  specs:
    vagrant (1.3.6.dev)
      childprocess (~> 0.3.7)
      erubis (~> 2.7.0)
      i18n (~> 0.6.0)
      log4r (~> 1.1.9)
      net-scp (~> 1.1.0)
      net-ssh (~> 2.6.6)

PATH
  remote: .
  specs:
    vagrant-dns-server (0.3)
      em-zeromq
      log4r
      moneta
      net-ping
      rubydns (= 0.6.0)
      rubydns
      thor
      zmq

GEM
  remote: https://rubygems.org/
  specs:
    childprocess (0.3.9)
      ffi (~> 1.0, >= 1.0.11)
    em-zeromq (0.4.2)
      eventmachine (>= 1.0.0)
      ffi (>= 1.0.0)
      ffi-rzmq (~> 1.0.1)
    erubis (2.7.0)
    eventmachine (1.0.3)
    ffi (1.9.3)
    ffi-rzmq (1.0.3)
      ffi
    i18n (0.6.5)
    log4r (1.1.10)
    metaclass (0.0.1)
    minitest (5.0.8)
    mocha (0.12.10)
      metaclass (~> 0.0.1)
    moneta (0.7.20)
    net-ping (1.7.1)
      ffi (>= 1.0.0)
    net-scp (1.1.2)
      net-ssh (>= 2.6.5)
    net-ssh (2.6.8)
    rainbow (1.1.4)
    rake (10.1.0)
    rexec (1.5.2)
      rainbow
    rubydns (0.6.0)
      eventmachine (~> 1.0.0)
      rexec (~> 1.5.1)
    thor (0.18.1)
    zmq (2.1.4)

PLATFORMS
  ruby

DEPENDENCIES
  bundler
  minitest
  mocha (~> 0.12.3)
  rake
  vagrant!
  vagrant-dns-server!
